RESTRICTION: || (== netcoreapp3.0) (>= net45)
NUGET
  remote: https://www.nuget.org/api/v2
    FSharp.Core (4.3.4) - redirects: force
    Microsoft.Xaml.Behaviors.Wpf (1.1.19)

GROUP Build
RESTRICTION: || (== net45) (== netcoreapp3.0)
NUGET
  remote: https://www.nuget.org/api/v2
    FAKE (5.16)
    FSharp.Compiler.Service (27.0.1)
      FSharp.Core (>= 4.5.2)
      System.Collections.Immutable (>= 1.5)
      System.Diagnostics.Process (>= 4.1) - restriction: == netcoreapp3.0
      System.Diagnostics.TraceSource (>= 4.0) - restriction: == netcoreapp3.0
      System.Reflection.Emit (>= 4.3) - restriction: == netcoreapp3.0
      System.Reflection.Metadata (>= 1.6)
      System.Reflection.TypeExtensions (>= 4.3) - restriction: == netcoreapp3.0
      System.Runtime.Loader (>= 4.0) - restriction: == netcoreapp3.0
      System.Security.Cryptography.Algorithms (>= 4.3) - restriction: == netcoreapp3.0
      System.ValueTuple (>= 4.4) - restriction: || (== net45) (&& (== netcoreapp3.0) (>= net45))
    FSharp.Core (4.7.1)
    FSharp.Formatting (3.1)
      FSharp.Compiler.Service (>= 27.0.1 < 28.0)
      Microsoft.AspNet.Razor (>= 3.2.7 < 4.0)
      System.ValueTuple (>= 4.5 < 5.0)
    Microsoft.AspNet.Razor (3.2.7)
    Microsoft.NETCore.Platforms (3.1) - restriction: == netcoreapp3.0
    Microsoft.NETCore.Targets (3.1) - restriction: == netcoreapp3.0
    Microsoft.Win32.Primitives (4.3) - restriction: == netcoreapp3.0
      Microsoft.NETCore.Platforms (>= 1.1) - restriction: || (&& (== net45) (>= netstandard1.3)) (== netcoreapp3.0)
      Microsoft.NETCore.Targets (>= 1.1) - restriction: || (&& (== net45) (>= netstandard1.3)) (== netcoreapp3.0)
      System.Runtime (>= 4.3) - restriction: || (&& (== net45) (>= netstandard1.3)) (== netcoreapp3.0)
    Microsoft.Win32.Registry (4.7) - restriction: == netcoreapp3.0
      System.Security.AccessControl (>= 4.7) - restriction: || (&& (== net45) (>= monoandroid)) (&& (== net45) (>= monotouch)) (&& (== net45) (>= net461)) (&& (== net45) (>= netcoreapp2.0)) (&& (== net45) (>= netstandard2.0)) (&& (== net45) (>= xamarinios)) (&& (== net45) (>= xamarinmac)) (&& (== net45) (>= xamarintvos)) (&& (== net45) (>= xamarinwatchos)) (== netcoreapp3.0)
      System.Security.Principal.Windows (>= 4.7) - restriction: || (&& (== net45) (>= monoandroid)) (&& (== net45) (>= monotouch)) (&& (== net45) (>= net461)) (&& (== net45) (>= netcoreapp2.0)) (&& (== net45) (>= netstandard2.0)) (&& (== net45) (>= xamarinios)) (&& (== net45) (>= xamarinmac)) (&& (== net45) (>= xamarintvos)) (&& (== net45) (>= xamarinwatchos)) (== netcoreapp3.0)
    NETStandard.Library (2.0.3) - restriction: == netcoreapp3.0
      Microsoft.NETCore.Platforms (>= 1.1)
    NETStandard.Library.NETFramework (2.0.0-preview2-25405-01)
    NuGet.CommandLine (5.5.1)
    Octokit (0.28)
      NETStandard.Library (>= 1.6.1) - restriction: == netcoreapp3.0
    runtime.debian.8-x64.runtime.native.System.Security.Cryptography.OpenSsl (4.3.3) - restriction: == netcoreapp3.0
    runtime.debian.9-x64.runtime.native.System.Security.Cryptography.OpenSsl (4.3.3) - restriction: == netcoreapp3.0
    runtime.fedora.23-x64.runtime.native.System.Security.Cryptography.OpenSsl (4.3.3) - restriction: == netcoreapp3.0
    runtime.fedora.24-x64.runtime.native.System.Security.Cryptography.OpenSsl (4.3.3) - restriction: == netcoreapp3.0
    runtime.fedora.27-x64.runtime.native.System.Security.Cryptography.OpenSsl (4.3.3) - restriction: == netcoreapp3.0
    runtime.fedora.28-x64.runtime.native.System.Security.Cryptography.OpenSsl (4.3.3) - restriction: == netcoreapp3.0
    runtime.native.System (4.3.1) - restriction: == netcoreapp3.0
      Microsoft.NETCore.Platforms (>= 1.1.1)
      Microsoft.NETCore.Targets (>= 1.1.3)
    runtime.native.System.Security.Cryptography.Apple (4.3.1) - restriction: == netcoreapp3.0
      runtime.osx.10.10-x64.runtime.native.System.Security.Cryptography.Apple (>= 4.3.1)
    runtime.native.System.Security.Cryptography.OpenSsl (4.3.3) - restriction: == netcoreapp3.0
      runtime.debian.8-x64.runtime.native.System.Security.Cryptography.OpenSsl (>= 4.3.3)
      runtime.debian.9-x64.runtime.native.System.Security.Cryptography.OpenSsl (>= 4.3.3)
      runtime.fedora.23-x64.runtime.native.System.Security.Cryptography.OpenSsl (>= 4.3.3)
      runtime.fedora.24-x64.runtime.native.System.Security.Cryptography.OpenSsl (>= 4.3.3)
      runtime.fedora.27-x64.runtime.native.System.Security.Cryptography.OpenSsl (>= 4.3.3)
      runtime.fedora.28-x64.runtime.native.System.Security.Cryptography.OpenSsl (>= 4.3.3)
      runtime.opensuse.13.2-x64.runtime.native.System.Security.Cryptography.OpenSsl (>= 4.3.3)
      runtime.opensuse.42.1-x64.runtime.native.System.Security.Cryptography.OpenSsl (>= 4.3.3)
      runtime.opensuse.42.3-x64.runtime.native.System.Security.Cryptography.OpenSsl (>= 4.3.3)
      runtime.osx.10.10-x64.runtime.native.System.Security.Cryptography.OpenSsl (>= 4.3.3)
      runtime.rhel.7-x64.runtime.native.System.Security.Cryptography.OpenSsl (>= 4.3.3)
      runtime.ubuntu.14.04-x64.runtime.native.System.Security.Cryptography.OpenSsl (>= 4.3.3)
      runtime.ubuntu.16.04-x64.runtime.native.System.Security.Cryptography.OpenSsl (>= 4.3.3)
      runtime.ubuntu.16.10-x64.runtime.native.System.Security.Cryptography.OpenSsl (>= 4.3.3)
      runtime.ubuntu.18.04-x64.runtime.native.System.Security.Cryptography.OpenSsl (>= 4.3.3)
    runtime.opensuse.13.2-x64.runtime.native.System.Security.Cryptography.OpenSsl (4.3.3) - restriction: == netcoreapp3.0
    runtime.opensuse.42.1-x64.runtime.native.System.Security.Cryptography.OpenSsl (4.3.3) - restriction: == netcoreapp3.0
    runtime.opensuse.42.3-x64.runtime.native.System.Security.Cryptography.OpenSsl (4.3.3) - restriction: == netcoreapp3.0
    runtime.osx.10.10-x64.runtime.native.System.Security.Cryptography.Apple (4.3.1) - restriction: == netcoreapp3.0
    runtime.osx.10.10-x64.runtime.native.System.Security.Cryptography.OpenSsl (4.3.3) - restriction: == netcoreapp3.0
    runtime.rhel.7-x64.runtime.native.System.Security.Cryptography.OpenSsl (4.3.3) - restriction: == netcoreapp3.0
    runtime.ubuntu.14.04-x64.runtime.native.System.Security.Cryptography.OpenSsl (4.3.3) - restriction: == netcoreapp3.0
    runtime.ubuntu.16.04-x64.runtime.native.System.Security.Cryptography.OpenSsl (4.3.3) - restriction: == netcoreapp3.0
    runtime.ubuntu.16.10-x64.runtime.native.System.Security.Cryptography.OpenSsl (4.3.3) - restriction: == netcoreapp3.0
    runtime.ubuntu.18.04-x64.runtime.native.System.Security.Cryptography.OpenSsl (4.3.3) - restriction: == netcoreapp3.0
    SourceLink.Fake (1.1)
    System.Collections (4.3) - restriction: == netcoreapp3.0
      Microsoft.NETCore.Platforms (>= 1.1) - restriction: || (&& (== net45) (>= netcoreapp5.0)) (== netcoreapp3.0)
      Microsoft.NETCore.Targets (>= 1.1) - restriction: || (&& (== net45) (>= netcoreapp5.0)) (== netcoreapp3.0)
      System.Runtime (>= 4.3) - restriction: || (&& (== net45) (>= netcoreapp5.0)) (== netcoreapp3.0)
    System.Collections.Concurrent (4.3) - restriction: == netcoreapp3.0
      System.Collections (>= 4.3) - restriction: || (&& (== net45) (>= netcoreapp5.0)) (== netcoreapp3.0)
      System.Diagnostics.Debug (>= 4.3) - restriction: || (&& (== net45) (>= netcoreapp5.0)) (== netcoreapp3.0)
      System.Diagnostics.Tracing (>= 4.3) - restriction: || (&& (== net45) (>= netcoreapp5.0)) (== netcoreapp3.0)
      System.Globalization (>= 4.3) - restriction: || (&& (== net45) (>= netcoreapp5.0)) (== netcoreapp3.0)
      System.Reflection (>= 4.3) - restriction: == netcoreapp3.0
      System.Resources.ResourceManager (>= 4.3) - restriction: || (&& (== net45) (>= netcoreapp5.0)) (== netcoreapp3.0)
      System.Runtime (>= 4.3) - restriction: || (&& (== net45) (>= netcoreapp5.0)) (== netcoreapp3.0)
      System.Runtime.Extensions (>= 4.3) - restriction: || (&& (== net45) (>= netcoreapp5.0)) (== netcoreapp3.0)
      System.Threading (>= 4.3) - restriction: || (&& (== net45) (>= netcoreapp5.0)) (== netcoreapp3.0)
      System.Threading.Tasks (>= 4.3) - restriction: || (&& (== net45) (>= netcoreapp5.0)) (== netcoreapp3.0)
    System.Collections.Immutable (1.7)
    System.Diagnostics.Debug (4.3) - restriction: == netcoreapp3.0
      Microsoft.NETCore.Platforms (>= 1.1) - restriction: || (&& (== net45) (>= netcoreapp5.0)) (== netcoreapp3.0)
      Microsoft.NETCore.Targets (>= 1.1) - restriction: || (&& (== net45) (>= netcoreapp5.0)) (== netcoreapp3.0)
      System.Runtime (>= 4.3) - restriction: || (&& (== net45) (>= netcoreapp5.0)) (== netcoreapp3.0)
    System.Diagnostics.Process (4.3) - restriction: == netcoreapp3.0
      Microsoft.NETCore.Platforms (>= 1.1) - restriction: || (&& (== net45) (>= netstandard1.4)) (== netcoreapp3.0)
      Microsoft.Win32.Primitives (>= 4.3) - restriction: || (&& (== net45) (>= netstandard1.4)) (== netcoreapp3.0)
      Microsoft.Win32.Registry (>= 4.3) - restriction: || (&& (== net45) (>= netstandard1.4)) (== netcoreapp3.0)
      runtime.native.System (>= 4.3) - restriction: || (&& (== net45) (>= netstandard1.4)) (== netcoreapp3.0)
      System.Collections (>= 4.3) - restriction: || (&& (== net45) (>= netstandard1.4)) (== netcoreapp3.0)
      System.Diagnostics.Debug (>= 4.3) - restriction: || (&& (== net45) (>= netstandard1.4)) (== netcoreapp3.0)
      System.Globalization (>= 4.3) - restriction: || (&& (== net45) (>= netstandard1.4)) (== netcoreapp3.0)
      System.IO (>= 4.3) - restriction: || (&& (== net45) (>= netstandard1.3)) (&& (== net45) (>= netstandard1.4)) (== netcoreapp3.0)
      System.IO.FileSystem (>= 4.3) - restriction: || (&& (== net45) (>= netstandard1.4)) (== netcoreapp3.0)
      System.IO.FileSystem.Primitives (>= 4.3) - restriction: || (&& (== net45) (>= netstandard1.4)) (== netcoreapp3.0)
      System.Resources.ResourceManager (>= 4.3) - restriction: || (&& (== net45) (>= netstandard1.4)) (== netcoreapp3.0)
      System.Runtime (>= 4.3) - restriction: || (&& (== net45) (>= netstandard1.3)) (&& (== net45) (>= netstandard1.4)) (== netcoreapp3.0)
      System.Runtime.Extensions (>= 4.3) - restriction: || (&& (== net45) (>= netstandard1.4)) (== netcoreapp3.0)
      System.Runtime.Handles (>= 4.3) - restriction: || (&& (== net45) (>= netstandard1.3)) (&& (== net45) (>= netstandard1.4)) (== netcoreapp3.0)
      System.Runtime.InteropServices (>= 4.3) - restriction: || (&& (== net45) (>= netstandard1.4)) (== netcoreapp3.0)
      System.Text.Encoding (>= 4.3) - restriction: || (&& (== net45) (>= netstandard1.3)) (&& (== net45) (>= netstandard1.4)) (== netcoreapp3.0)
      System.Text.Encoding.Extensions (>= 4.3) - restriction: || (&& (== net45) (>= netstandard1.4)) (== netcoreapp3.0)
      System.Threading (>= 4.3) - restriction: || (&& (== net45) (>= netstandard1.4)) (== netcoreapp3.0)
      System.Threading.Tasks (>= 4.3) - restriction: || (&& (== net45) (>= netstandard1.4)) (== netcoreapp3.0)
      System.Threading.Thread (>= 4.3) - restriction: || (&& (== net45) (>= netstandard1.4)) (== netcoreapp3.0)
      System.Threading.ThreadPool (>= 4.3) - restriction: || (&& (== net45) (>= netstandard1.4)) (== netcoreapp3.0)
    System.Diagnostics.TraceSource (4.3) - restriction: == netcoreapp3.0
      Microsoft.NETCore.Platforms (>= 1.1) - restriction: || (&& (== net45) (>= netstandard1.3)) (== netcoreapp3.0)
      runtime.native.System (>= 4.3) - restriction: || (&& (== net45) (>= netstandard1.3)) (== netcoreapp3.0)
      System.Collections (>= 4.3) - restriction: || (&& (== net45) (>= netstandard1.3)) (== netcoreapp3.0)
      System.Diagnostics.Debug (>= 4.3) - restriction: || (&& (== net45) (>= netstandard1.3)) (== netcoreapp3.0)
      System.Globalization (>= 4.3) - restriction: || (&& (== net45) (>= netstandard1.3)) (== netcoreapp3.0)
      System.Resources.ResourceManager (>= 4.3) - restriction: || (&& (== net45) (>= netstandard1.3)) (== netcoreapp3.0)
      System.Runtime (>= 4.3) - restriction: || (&& (== net45) (>= netstandard1.3)) (== netcoreapp3.0)
      System.Runtime.Extensions (>= 4.3) - restriction: || (&& (== net45) (>= netstandard1.3)) (== netcoreapp3.0)
      System.Threading (>= 4.3) - restriction: || (&& (== net45) (>= netstandard1.3)) (== netcoreapp3.0)
    System.Diagnostics.Tracing (4.3) - restriction: == netcoreapp3.0
      Microsoft.NETCore.Platforms (>= 1.1) - restriction: || (&& (== net45) (>= netcoreapp5.0)) (== netcoreapp3.0)
      Microsoft.NETCore.Targets (>= 1.1) - restriction: || (&& (== net45) (>= netcoreapp5.0)) (== netcoreapp3.0)
      System.Runtime (>= 4.3) - restriction: || (&& (== net45) (>= netcoreapp5.0)) (== netcoreapp3.0)
    System.Globalization (4.3) - restriction: == netcoreapp3.0
      Microsoft.NETCore.Platforms (>= 1.1) - restriction: || (&& (== net45) (>= netcoreapp5.0)) (== netcoreapp3.0)
      Microsoft.NETCore.Targets (>= 1.1) - restriction: || (&& (== net45) (>= netcoreapp5.0)) (== netcoreapp3.0)
      System.Runtime (>= 4.3) - restriction: || (&& (== net45) (>= netcoreapp5.0)) (== netcoreapp3.0)
    System.IO (4.3) - restriction: == netcoreapp3.0
      Microsoft.NETCore.Platforms (>= 1.1) - restriction: || (&& (== net45) (>= netcoreapp5.0)) (== netcoreapp3.0)
      Microsoft.NETCore.Targets (>= 1.1) - restriction: || (&& (== net45) (>= netcoreapp5.0)) (== netcoreapp3.0)
      System.Runtime (>= 4.3) - restriction: || (&& (== net45) (>= netcoreapp5.0)) (== netcoreapp3.0)
      System.Text.Encoding (>= 4.3) - restriction: || (&& (== net45) (>= netcoreapp5.0)) (== netcoreapp3.0)
      System.Threading.Tasks (>= 4.3) - restriction: || (&& (== net45) (>= netcoreapp5.0)) (== netcoreapp3.0)
    System.IO.FileSystem (4.3) - restriction: == netcoreapp3.0
      Microsoft.NETCore.Platforms (>= 1.1) - restriction: || (&& (== net45) (>= netstandard1.3)) (== netcoreapp3.0)
      Microsoft.NETCore.Targets (>= 1.1) - restriction: || (&& (== net45) (>= netstandard1.3)) (== netcoreapp3.0)
      System.IO (>= 4.3) - restriction: || (&& (== net45) (>= netstandard1.3)) (== netcoreapp3.0)
      System.IO.FileSystem.Primitives (>= 4.3) - restriction: || (&& (== net45) (>= net46)) (&& (== net45) (>= netstandard1.3)) (== netcoreapp3.0)
      System.Runtime (>= 4.3) - restriction: || (&& (== net45) (>= netstandard1.3)) (== netcoreapp3.0)
      System.Runtime.Handles (>= 4.3) - restriction: || (&& (== net45) (>= netstandard1.3)) (== netcoreapp3.0)
      System.Text.Encoding (>= 4.3) - restriction: || (&& (== net45) (>= netstandard1.3)) (== netcoreapp3.0)
      System.Threading.Tasks (>= 4.3) - restriction: || (&& (== net45) (>= netstandard1.3)) (== netcoreapp3.0)
    System.IO.FileSystem.Primitives (4.3) - restriction: == netcoreapp3.0
      System.Runtime (>= 4.3) - restriction: || (&& (== net45) (>= netstandard1.3)) (== netcoreapp3.0)
    System.Linq (4.3) - restriction: == netcoreapp3.0
      System.Collections (>= 4.3) - restriction: || (&& (== net45) (>= netcoreapp5.0)) (== netcoreapp3.0)
      System.Diagnostics.Debug (>= 4.3) - restriction: || (&& (== net45) (>= netcoreapp5.0)) (== netcoreapp3.0)
      System.Resources.ResourceManager (>= 4.3) - restriction: || (&& (== net45) (>= netcoreapp5.0)) (== netcoreapp3.0)
      System.Runtime (>= 4.3) - restriction: || (&& (== net45) (>= netcoreapp5.0)) (== netcoreapp3.0)
      System.Runtime.Extensions (>= 4.3) - restriction: || (&& (== net45) (>= netcoreapp5.0)) (== netcoreapp3.0)
    System.Reflection (4.3) - restriction: == netcoreapp3.0
      Microsoft.NETCore.Platforms (>= 1.1) - restriction: || (&& (== net45) (>= netcoreapp5.0)) (== netcoreapp3.0)
      Microsoft.NETCore.Targets (>= 1.1) - restriction: || (&& (== net45) (>= netcoreapp5.0)) (== netcoreapp3.0)
      System.IO (>= 4.3) - restriction: || (&& (== net45) (>= netcoreapp5.0)) (== netcoreapp3.0)
      System.Reflection.Primitives (>= 4.3) - restriction: || (&& (== net45) (>= netcoreapp5.0)) (== netcoreapp3.0)
      System.Runtime (>= 4.3) - restriction: || (&& (== net45) (>= netcoreapp5.0)) (== netcoreapp3.0)
    System.Reflection.Emit (4.7) - restriction: == netcoreapp3.0
    System.Reflection.Metadata (1.8)
      System.Collections.Immutable (>= 1.7)
    System.Reflection.Primitives (4.3) - restriction: == netcoreapp3.0
      Microsoft.NETCore.Platforms (>= 1.1) - restriction: || (&& (== net45) (>= netcoreapp5.0)) (== netcoreapp3.0)
      Microsoft.NETCore.Targets (>= 1.1) - restriction: || (&& (== net45) (>= netcoreapp5.0)) (== netcoreapp3.0)
      System.Runtime (>= 4.3) - restriction: || (&& (== net45) (>= netcoreapp5.0)) (== netcoreapp3.0)
    System.Reflection.TypeExtensions (4.7) - restriction: == netcoreapp3.0
    System.Resources.ResourceManager (4.3) - restriction: == netcoreapp3.0
      Microsoft.NETCore.Platforms (>= 1.1) - restriction: || (&& (== net45) (>= netcoreapp5.0)) (== netcoreapp3.0)
      Microsoft.NETCore.Targets (>= 1.1) - restriction: || (&& (== net45) (>= netcoreapp5.0)) (== netcoreapp3.0)
      System.Globalization (>= 4.3) - restriction: || (&& (== net45) (>= netcoreapp5.0)) (== netcoreapp3.0)
      System.Reflection (>= 4.3) - restriction: || (&& (== net45) (>= netcoreapp5.0)) (== netcoreapp3.0)
      System.Runtime (>= 4.3) - restriction: || (&& (== net45) (>= netcoreapp5.0)) (== netcoreapp3.0)
    System.Runtime (4.3.1) - restriction: == netcoreapp3.0
      Microsoft.NETCore.Platforms (>= 1.1.1) - restriction: || (&& (== net45) (>= netcoreapp5.0)) (== netcoreapp3.0)
      Microsoft.NETCore.Targets (>= 1.1.3) - restriction: || (&& (== net45) (>= netcoreapp5.0)) (== netcoreapp3.0)
    System.Runtime.Extensions (4.3.1) - restriction: == netcoreapp3.0
      Microsoft.NETCore.Platforms (>= 1.1.1) - restriction: || (&& (== net45) (>= netcoreapp5.0)) (== netcoreapp3.0)
      Microsoft.NETCore.Targets (>= 1.1.3) - restriction: || (&& (== net45) (>= netcoreapp5.0)) (== netcoreapp3.0)
      System.Runtime (>= 4.3.1) - restriction: || (&& (== net45) (>= netcoreapp5.0)) (== netcoreapp3.0)
    System.Runtime.Handles (4.3) - restriction: == netcoreapp3.0
      Microsoft.NETCore.Platforms (>= 1.1) - restriction: || (&& (== net45) (>= netstandard1.3)) (== netcoreapp3.0)
      Microsoft.NETCore.Targets (>= 1.1) - restriction: || (&& (== net45) (>= netstandard1.3)) (== netcoreapp3.0)
      System.Runtime (>= 4.3) - restriction: || (&& (== net45) (>= netstandard1.3)) (== netcoreapp3.0)
    System.Runtime.InteropServices (4.3) - restriction: == netcoreapp3.0
      Microsoft.NETCore.Platforms (>= 1.1) - restriction: || (&& (== net45) (>= netcoreapp1.1)) (== netcoreapp3.0)
      Microsoft.NETCore.Targets (>= 1.1) - restriction: || (&& (== net45) (>= netcoreapp1.1)) (== netcoreapp3.0)
      System.Reflection (>= 4.3) - restriction: || (&& (== net45) (>= netcoreapp1.1)) (== netcoreapp3.0)
      System.Reflection.Primitives (>= 4.3) - restriction: || (&& (== net45) (>= netcoreapp1.1)) (== netcoreapp3.0)
      System.Runtime (>= 4.3) - restriction: || (&& (== net45) (>= net462)) (&& (== net45) (>= netcoreapp1.1)) (== netcoreapp3.0)
      System.Runtime.Handles (>= 4.3) - restriction: || (&& (== net45) (>= netcoreapp1.1)) (== netcoreapp3.0)
    System.Runtime.Loader (4.3) - restriction: == netcoreapp3.0
      System.IO (>= 4.3) - restriction: || (&& (== net45) (>= netstandard1.5)) (== netcoreapp3.0)
      System.Reflection (>= 4.3) - restriction: || (&& (== net45) (>= netstandard1.5)) (== netcoreapp3.0)
      System.Runtime (>= 4.3) - restriction: || (&& (== net45) (>= netstandard1.5)) (== netcoreapp3.0)
    System.Runtime.Numerics (4.3) - restriction: == netcoreapp3.0
      System.Globalization (>= 4.3) - restriction: || (&& (== net45) (>= netcoreapp5.0)) (== netcoreapp3.0)
      System.Resources.ResourceManager (>= 4.3) - restriction: || (&& (== net45) (>= netcoreapp5.0)) (== netcoreapp3.0)
      System.Runtime (>= 4.3) - restriction: || (&& (== net45) (>= netcoreapp5.0)) (== netcoreapp3.0)
      System.Runtime.Extensions (>= 4.3) - restriction: || (&& (== net45) (>= netcoreapp5.0)) (== netcoreapp3.0)
    System.Security.AccessControl (4.7) - restriction: == netcoreapp3.0
      Microsoft.NETCore.Platforms (>= 3.1) - restriction: || (&& (== net45) (>= netcoreapp2.0)) (== netcoreapp3.0)
      System.Security.Principal.Windows (>= 4.7) - restriction: || (&& (== net45) (>= net46)) (&& (== net45) (>= net461)) (&& (== net45) (>= netcoreapp2.0)) (&& (== net45) (>= netstandard1.3)) (&& (== net45) (>= netstandard2.0)) (== netcoreapp3.0)
    System.Security.Cryptography.Algorithms (4.3.1) - restriction: == netcoreapp3.0
      Microsoft.NETCore.Platforms (>= 1.1) - restriction: || (&& (== net45) (>= netcoreapp5.0)) (&& (== net45) (>= netstandard1.6)) (== netcoreapp3.0)
      runtime.native.System.Security.Cryptography.Apple (>= 4.3.1) - restriction: || (&& (== net45) (>= netstandard1.6)) (== netcoreapp3.0)
      runtime.native.System.Security.Cryptography.OpenSsl (>= 4.3.2) - restriction: || (&& (== net45) (>= netstandard1.6)) (== netcoreapp3.0)
      System.Collections (>= 4.3) - restriction: || (&& (== net45) (>= netstandard1.6)) (== netcoreapp3.0)
      System.IO (>= 4.3) - restriction: || (&& (== net45) (>= net463)) (&& (== net45) (>= netcoreapp5.0)) (&& (== net45) (>= netstandard1.3)) (&& (== net45) (>= netstandard1.4)) (&& (== net45) (>= netstandard1.6)) (== netcoreapp3.0)
      System.Resources.ResourceManager (>= 4.3) - restriction: || (&& (== net45) (>= netcoreapp5.0)) (&& (== net45) (>= netstandard1.6)) (== netcoreapp3.0)
      System.Runtime (>= 4.3) - restriction: || (&& (== net45) (>= net463)) (&& (== net45) (>= netcoreapp5.0)) (&& (== net45) (>= netstandard1.3)) (&& (== net45) (>= netstandard1.4)) (&& (== net45) (>= netstandard1.6)) (== netcoreapp3.0)
      System.Runtime.Extensions (>= 4.3) - restriction: || (&& (== net45) (>= netcoreapp5.0)) (&& (== net45) (>= netstandard1.6)) (== netcoreapp3.0)
      System.Runtime.Handles (>= 4.3) - restriction: || (&& (== net45) (>= netcoreapp5.0)) (&& (== net45) (>= netstandard1.6)) (== netcoreapp3.0)
      System.Runtime.InteropServices (>= 4.3) - restriction: || (&& (== net45) (>= netcoreapp5.0)) (&& (== net45) (>= netstandard1.6)) (== netcoreapp3.0)
      System.Runtime.Numerics (>= 4.3) - restriction: || (&& (== net45) (>= netstandard1.6)) (== netcoreapp3.0)
      System.Security.Cryptography.Encoding (>= 4.3) - restriction: || (&& (== net45) (>= net463)) (&& (== net45) (>= netcoreapp5.0)) (&& (== net45) (>= netstandard1.6)) (== netcoreapp3.0)
      System.Security.Cryptography.Primitives (>= 4.3) - restriction: || (&& (== net45) (>= net46)) (&& (== net45) (>= net461)) (&& (== net45) (>= net463)) (&& (== net45) (>= netcoreapp5.0)) (&& (== net45) (>= netstandard1.3)) (&& (== net45) (>= netstandard1.4)) (&& (== net45) (>= netstandard1.6)) (== netcoreapp3.0)
      System.Text.Encoding (>= 4.3) - restriction: || (&& (== net45) (>= netcoreapp5.0)) (&& (== net45) (>= netstandard1.6)) (== netcoreapp3.0)
    System.Security.Cryptography.Encoding (4.3) - restriction: == netcoreapp3.0
      Microsoft.NETCore.Platforms (>= 1.1) - restriction: || (&& (== net45) (>= netstandard1.3)) (== netcoreapp3.0)
      runtime.native.System.Security.Cryptography.OpenSsl (>= 4.3) - restriction: || (&& (== net45) (>= netstandard1.3)) (== netcoreapp3.0)
      System.Collections (>= 4.3) - restriction: || (&& (== net45) (>= netstandard1.3)) (== netcoreapp3.0)
      System.Collections.Concurrent (>= 4.3) - restriction: || (&& (== net45) (>= netstandard1.3)) (== netcoreapp3.0)
      System.Linq (>= 4.3) - restriction: || (&& (== net45) (>= netstandard1.3)) (== netcoreapp3.0)
      System.Resources.ResourceManager (>= 4.3) - restriction: || (&& (== net45) (>= netstandard1.3)) (== netcoreapp3.0)
      System.Runtime (>= 4.3) - restriction: || (&& (== net45) (>= netstandard1.3)) (== netcoreapp3.0)
      System.Runtime.Extensions (>= 4.3) - restriction: || (&& (== net45) (>= netstandard1.3)) (== netcoreapp3.0)
      System.Runtime.Handles (>= 4.3) - restriction: || (&& (== net45) (>= netstandard1.3)) (== netcoreapp3.0)
      System.Runtime.InteropServices (>= 4.3) - restriction: || (&& (== net45) (>= netstandard1.3)) (== netcoreapp3.0)
      System.Security.Cryptography.Primitives (>= 4.3) - restriction: || (&& (== net45) (>= netstandard1.3)) (== netcoreapp3.0)
      System.Text.Encoding (>= 4.3) - restriction: || (&& (== net45) (>= netstandard1.3)) (== netcoreapp3.0)
    System.Security.Cryptography.Primitives (4.3) - restriction: == netcoreapp3.0
      System.Diagnostics.Debug (>= 4.3) - restriction: || (&& (== net45) (>= netstandard1.3)) (== netcoreapp3.0)
      System.Globalization (>= 4.3) - restriction: || (&& (== net45) (>= netstandard1.3)) (== netcoreapp3.0)
      System.IO (>= 4.3) - restriction: || (&& (== net45) (>= netstandard1.3)) (== netcoreapp3.0)
      System.Resources.ResourceManager (>= 4.3) - restriction: || (&& (== net45) (>= netstandard1.3)) (== netcoreapp3.0)
      System.Runtime (>= 4.3) - restriction: || (&& (== net45) (>= netstandard1.3)) (== netcoreapp3.0)
      System.Threading (>= 4.3) - restriction: || (&& (== net45) (>= netstandard1.3)) (== netcoreapp3.0)
      System.Threading.Tasks (>= 4.3) - restriction: || (&& (== net45) (>= netstandard1.3)) (== netcoreapp3.0)
    System.Security.Principal.Windows (4.7) - restriction: == netcoreapp3.0
    System.Text.Encoding (4.3) - restriction: == netcoreapp3.0
      Microsoft.NETCore.Platforms (>= 1.1) - restriction: || (&& (== net45) (>= netcoreapp5.0)) (== netcoreapp3.0)
      Microsoft.NETCore.Targets (>= 1.1) - restriction: || (&& (== net45) (>= netcoreapp5.0)) (== netcoreapp3.0)
      System.Runtime (>= 4.3) - restriction: || (&& (== net45) (>= netcoreapp5.0)) (== netcoreapp3.0)
    System.Text.Encoding.Extensions (4.3) - restriction: == netcoreapp3.0
      Microsoft.NETCore.Platforms (>= 1.1) - restriction: || (&& (== net45) (>= netcoreapp5.0)) (== netcoreapp3.0)
      Microsoft.NETCore.Targets (>= 1.1) - restriction: || (&& (== net45) (>= netcoreapp5.0)) (== netcoreapp3.0)
      System.Runtime (>= 4.3) - restriction: || (&& (== net45) (>= netcoreapp5.0)) (== netcoreapp3.0)
      System.Text.Encoding (>= 4.3) - restriction: || (&& (== net45) (>= netcoreapp5.0)) (== netcoreapp3.0)
    System.Threading (4.3) - restriction: == netcoreapp3.0
      System.Runtime (>= 4.3) - restriction: || (&& (== net45) (>= netcoreapp5.0)) (== netcoreapp3.0)
      System.Threading.Tasks (>= 4.3) - restriction: || (&& (== net45) (>= netcoreapp5.0)) (== netcoreapp3.0)
    System.Threading.Tasks (4.3) - restriction: == netcoreapp3.0
      Microsoft.NETCore.Platforms (>= 1.1) - restriction: || (&& (== net45) (>= netcoreapp5.0)) (== netcoreapp3.0)
      Microsoft.NETCore.Targets (>= 1.1) - restriction: || (&& (== net45) (>= netcoreapp5.0)) (== netcoreapp3.0)
      System.Runtime (>= 4.3) - restriction: || (&& (== net45) (>= netcoreapp5.0)) (== netcoreapp3.0)
    System.Threading.Thread (4.3) - restriction: == netcoreapp3.0
      System.Runtime (>= 4.3) - restriction: || (&& (== net45) (>= netstandard1.3)) (== netcoreapp3.0)
    System.Threading.ThreadPool (4.3) - restriction: == netcoreapp3.0
      System.Runtime (>= 4.3) - restriction: || (&& (== net45) (>= netstandard1.3)) (== netcoreapp3.0)
      System.Runtime.Handles (>= 4.3) - restriction: || (&& (== net45) (>= netstandard1.3)) (== netcoreapp3.0)
    System.ValueTuple (4.5)
GITHUB
  remote: fsharp/FAKE
    modules/Octokit/Octokit.fsx (8d16ada44a37d74743dd2afee4acf44d6f4d8ff6)
      Octokit (>= 0.20)
  remote: fsprojects/FSharp.TypeProviders.SDK
    src/ProvidedTypes.fs (41b91efaaaebe2782472b283c0c716cbcb0bbe75)
    src/ProvidedTypes.fsi (41b91efaaaebe2782472b283c0c716cbcb0bbe75)
    src/ProvidedTypesTesting.fs (41b91efaaaebe2782472b283c0c716cbcb0bbe75)
GROUP Demo
RESTRICTION: >= net45
NUGET
  remote: https://www.nuget.org/api/v2
    Castle.Core (4.4)
    FSharp.Core (4.0.0.1)
    FSharp.Desktop.UI (0.7.1)
      Castle.Core (>= 3.3.3)
      Rx-Main (>= 2.2.5)
    FSharp.ViewModule.Core (1.0)
      FSharp.Core
    Gjallarhorn (1.1)
      FSharp.Core (>= 4.0.0.1)
    Gjallarhorn.Bindable (0.11)
      FSharp.Core (4.0.0.1)
      Gjallarhorn (>= 0.11)
    Gjallarhorn.Bindable.Wpf (0.11)
      FSharp.Core (4.0.0.1)
      Gjallarhorn (>= 0.11)
      Gjallarhorn.Bindable (>= 0.11)
    Rx-Core (2.2.5)
      Rx-Interfaces (>= 2.2.5)
    Rx-Interfaces (2.2.5)
    Rx-Linq (2.2.5)
      Rx-Core (>= 2.2.5)
      Rx-Interfaces (>= 2.2.5)
    Rx-Main (2.2.5)
      Rx-Core (>= 2.2.5)
      Rx-Interfaces (>= 2.2.5)
      Rx-Linq (>= 2.2.5)
      Rx-PlatformServices (>= 2.2.5)
    Rx-PlatformServices (2.2.5)
      Rx-Core (>= 2.2.5)
      Rx-Interfaces (>= 2.2.5)

GROUP Test
RESTRICTION: >= net45
NUGET
  remote: https://www.nuget.org/api/v2
    Castle.Core (4.2.1)
    NUnit (2.6.4)
    NUnit.Runners (2.6.4)
    TestStack.White (0.13.3)
      Castle.Core (>= 3.3)
